GEM
  remote: https://rubygems.org/
  specs:
    base64 (0.2.0)
    connection_pool (2.5.0)
    logger (1.6.6)
    pg (1.5.9)
    rack (3.1.10)
    redis-client (0.23.2)
      connection_pool
    sidekiq (7.3.8)
      base64
      connection_pool (>= 2.3.0)
      logger
      rack (>= 2.2.4)
      redis-client (>= 0.22.2)
    smarter_csv (1.13.1)

PLATFORMS
  ruby
  x86_64-darwin-23

DEPENDENCIES
  pg
  sidekiq
  smarter_csv

BUNDLED WITH
   2.5.14
